PATH
  remote: .
  specs:
    sidekiq-cronitor (1.0.0.alpha2)
      cronitor (~> 2.0)
      sidekiq (~> 5.0)

GEM
  remote: https://rubygems.org/
  specs:
    concurrent-ruby (1.0.5)
    connection_pool (2.2.1)
    cronitor (2.0.0)
    diff-lcs (1.3)
    rack (2.2.3)
    rack-protection (2.0.0)
      rack
    rake (13.0.1)
    redis (4.0.1)
    rspec (3.7.0)
      rspec-core (~> 3.7.0)
      rspec-expectations (~> 3.7.0)
      rspec-mocks (~> 3.7.0)
    rspec-core (3.7.0)
      rspec-support (~> 3.7.0)
    rspec-expectations (3.7.0)
      diff-lcs (>= 1.2.0, < 2.0)
      rspec-support (~> 3.7.0)
    rspec-mocks (3.7.0)
      diff-lcs (>= 1.2.0, < 2.0)
      rspec-support (~> 3.7.0)
    rspec-support (3.7.0)
    sidekiq (5.0.5)
      concurrent-ruby (~> 1.0)
      connection_pool (~> 2.2, >= 2.2.0)
      rack-protection (>= 1.5.0)
      redis (>= 3.3.4, < 5)

PLATFORMS
  ruby

DEPENDENCIES
  bundler (~> 1.16)
  rake (~> 13.0)
  rspec (~> 3.0)
  sidekiq-cronitor!

BUNDLED WITH
   1.16.0
